PATH
  remote: .
  specs:
    pili (2.0.0)

GEM
  remote: https://rubygems.org/
  specs:
    rake (10.4.2)

PLATFORMS
  ruby

DEPENDENCIES
  bundler
  pili!
  rake
